GIT
  remote: git://github.com/potsbo/anpan.git
  revision: 15ae8da01cde80b31f9ff724a4d09a38c3859729
  specs:
    anpan (0.1.0)
      activesupport (>= 5.0.0)

PATH
  remote: .
  specs:
    stroke_counter (0.1.0)
      anpan
      natto

GEM
  remote: https://rubygems.org/
  specs:
    activesupport (5.2.1)
      concurrent-ruby (~> 1.0, >= 1.0.2)
      i18n (>= 0.7, < 2)
      minitest (~> 5.1)
      tzinfo (~> 1.1)
    codecov (0.1.11)
      json
      simplecov
      url
    concurrent-ruby (1.0.5)
    diff-lcs (1.3)
    docile (1.3.1)
    ffi (1.9.25)
    i18n (1.1.0)
      concurrent-ruby (~> 1.0)
    json (2.1.0)
    minitest (5.11.3)
    natto (1.1.1)
      ffi (>= 1.9.0)
    rake (12.3.1)
    rspec (3.7.0)
      rspec-core (~> 3.7.0)
      rspec-expectations (~> 3.7.0)
      rspec-mocks (~> 3.7.0)
    rspec-core (3.7.1)
      rspec-support (~> 3.7.0)
    rspec-expectations (3.7.0)
      diff-lcs (>= 1.2.0, < 2.0)
      rspec-support (~> 3.7.0)
    rspec-mocks (3.7.0)
      diff-lcs (>= 1.2.0, < 2.0)
      rspec-support (~> 3.7.0)
    rspec-support (3.7.1)
    simplecov (0.16.1)
      docile (~> 1.1)
      json (>= 1.8, < 3)
      simplecov-html (~> 0.10.0)
    simplecov-html (0.10.2)
    thread_safe (0.3.6)
    tzinfo (1.2.5)
      thread_safe (~> 0.1)
    url (0.3.2)

PLATFORMS
  ruby

DEPENDENCIES
  activesupport
  anpan!
  bundler (~> 1.13)
  codecov
  natto
  rake (~> 12.3)
  rspec (~> 3.0)
  stroke_counter!

BUNDLED WITH
   1.16.1
